GEM
  remote: https://rubygems.org/
  specs:
    diff-lcs (1.4.4)
    month (1.7.1)
    rspec (3.10.0)
      rspec-core (~> 3.10.0)
      rspec-expectations (~> 3.10.0)
      rspec-mocks (~> 3.10.0)
    rspec-core (3.10.1)
      rspec-support (~> 3.10.0)
    rspec-expectations (3.10.1)
      diff-lcs (>= 1.2.0, < 2.0)
      rspec-support (~> 3.10.0)
    rspec-mocks (3.10.2)
      diff-lcs (>= 1.2.0, < 2.0)
      rspec-support (~> 3.10.0)
    rspec-support (3.10.2)
    slop (4.9.0)

PLATFORMS
  ruby

DEPENDENCIES
  month
  rspec
  slop

BUNDLED WITH
   2.2.16
